GEM
  remote: https://rubygems.org/
  specs:
    albacore (2.4.2)
      map (~> 6.5)
      nokogiri (~> 1.5)
      rake (~> 10)
      semver2 (~> 3.4)
    map (6.5.5)
    mini_portile (0.6.2)
    nokogiri (1.6.6.2-x86-mingw32)
      mini_portile (~> 0.6.0)
    rake (10.4.2)
    semver2 (3.4.2)

PLATFORMS
  x86-mingw32

DEPENDENCIES
  albacore (~> 2.4.2)

BUNDLED WITH
   1.10.4
